PATH
  remote: .
  specs:
    sony_camera_remote_api (0.1.0)
      activesupport
      bindata
      frisky
      highline
      httpclient
      nokogiri
      thor

GEM
  remote: https://rubygems.org/
  specs:
    activesupport (5.0.0.1)
      concurrent-ruby (~> 1.0, >= 1.0.2)
      i18n (~> 0.7)
      minitest (~> 5.1)
      tzinfo (~> 1.1)
    bindata (2.3.3)
    byebug (8.2.2)
    concurrent-ruby (1.0.2)
    diff-lcs (1.2.5)
    docile (1.1.5)
    em-synchrony (1.0.5)
      eventmachine (>= 1.0.0.beta.1)
    eventmachine (1.2.0.1)
    frisky (0.1.2)
      em-synchrony
      eventmachine (>= 1.0.0)
      log_switch (~> 1.0.0)
    highline (1.7.8)
    httpclient (2.8.2.4)
    i18n (0.7.0)
    json (2.0.2)
    log_switch (1.0.0)
    mini_portile2 (2.1.0)
    minitest (5.9.0)
    nokogiri (1.6.8)
      mini_portile2 (~> 2.1.0)
      pkg-config (~> 1.1.7)
    pkg-config (1.1.7)
    rake (10.5.0)
    rspec (3.5.0)
      rspec-core (~> 3.5.0)
      rspec-expectations (~> 3.5.0)
      rspec-mocks (~> 3.5.0)
    rspec-core (3.5.3)
      rspec-support (~> 3.5.0)
    rspec-expectations (3.5.0)
      diff-lcs (>= 1.2.0, < 2.0)
      rspec-support (~> 3.5.0)
    rspec-mocks (3.5.0)
      diff-lcs (>= 1.2.0, < 2.0)
      rspec-support (~> 3.5.0)
    rspec-support (3.5.0)
    simplecov (0.12.0)
      docile (~> 1.1.0)
      json (>= 1.8, < 3)
      simplecov-html (~> 0.10.0)
    simplecov-html (0.10.0)
    thor (0.19.1)
    thread_safe (0.3.5)
    tzinfo (1.2.2)
      thread_safe (~> 0.1)

PLATFORMS
  ruby

DEPENDENCIES
  bundler (~> 1.11)
  byebug
  rake (~> 10.0)
  rspec (~> 3.5)
  simplecov
  sony_camera_remote_api!

BUNDLED WITH
   1.13.0
